PATH
  remote: .
  specs:
    sequel-hexspace (1.0.0)
      hexspace (>= 0.2.1)
      sequel (~> 5.0)

GEM
  remote: https://rubygems.org/
  specs:
    bigdecimal (3.1.7)
    hexspace (0.2.1)
      thrift (>= 0.18)
    minitest (5.22.3)
    minitest-global_expectations (1.0.1)
      minitest (> 5)
    minitest-hooks (1.5.1)
      minitest (> 5.3)
    rake (13.2.0)
    sequel (5.79.0)
      bigdecimal
    thrift (0.20.0)

PLATFORMS
  ruby
  x86_64-linux

DEPENDENCIES
  minitest (~> 5.7)
  minitest-global_expectations
  minitest-hooks
  rake
  sequel-hexspace!

BUNDLED WITH
   2.5.4
